PATH
  remote: .
  specs:
    mongoid-fixture_set (1.5.0)
      activesupport (> 4.0)
      mongoid (> 4.0)

GEM
  remote: https://rubygems.org/
  specs:
    activemodel (5.2.4.3)
      activesupport (= 5.2.4.3)
    activesupport (5.2.4.3)
      concurrent-ruby (~> 1.0, >= 1.0.2)
      i18n (>= 0.7, < 2)
      minitest (~> 5.1)
      tzinfo (~> 1.1)
    bson (4.10.0)
    coderay (1.1.0)
    concurrent-ruby (1.1.6)
    docile (1.1.5)
    i18n (1.8.4)
      concurrent-ruby (~> 1.0)
    method_source (0.8.2)
    minitest (5.14.1)
    mongo (2.12.2)
      bson (>= 4.8.2, < 5.0.0)
    mongoid (7.1.2)
      activemodel (>= 5.1, < 6.1)
      mongo (>= 2.7.0, < 3.0.0)
    multi_json (1.10.1)
    pry (0.10.1)
      coderay (~> 1.1.0)
      method_source (~> 0.8.1)
      slop (~> 3.4)
    pry-nav (0.2.4)
      pry (>= 0.9.10, < 0.11.0)
    rake (10.4.2)
    simplecov (0.9.1)
      docile (~> 1.1.0)
      multi_json (~> 1.0)
      simplecov-html (~> 0.8.0)
    simplecov-html (0.8.0)
    slop (3.6.0)
    thread_safe (0.3.6)
    tzinfo (1.2.7)
      thread_safe (~> 0.1)

PLATFORMS
  ruby

DEPENDENCIES
  mongoid-fixture_set!
  pry-nav (~> 0.2.4)
  rake (>= 0.9)
  simplecov

BUNDLED WITH
   1.16.3
